GEM
  remote: https://rubygems.org/
  specs:

PLATFORMS
  arm64-darwin-22

DEPENDENCIES

RUBY VERSION
   ruby 2.7.5p203

BUNDLED WITH
   2.4.22
